GEM
  remote: https://rubygems.org/
  specs:
    ffi (1.15.5)
    multi_json (1.15.0)
    mustermann (3.0.0)
      ruby2_keywords (~> 0.0.1)
    rack (2.2.6.4)
    rack-protection (3.0.5)
      rack
    ruby2_keywords (0.0.5)
    sassc (2.4.0)
      ffi (~> 1.9)
    sinatra (3.0.5)
      mustermann (~> 3.0)
      rack (~> 2.2, >= 2.2.4)
      rack-protection (= 3.0.5)
      tilt (~> 2.0)
    sinatra-contrib (3.0.5)
      multi_json
      mustermann (~> 3.0)
      rack-protection (= 3.0.5)
      sinatra (= 3.0.5)
      tilt (~> 2.0)
    tilt (2.1.0)

PLATFORMS
  arm64-darwin-21
  arm64-darwin-22

DEPENDENCIES
  sassc (~> 2.4)
  sinatra (~> 3.0.5)
  sinatra-contrib (~> 3.0.5)

RUBY VERSION
   ruby 3.1.2p20

BUNDLED WITH
   2.4.10
